GEM
  remote: https://rubygems.org/
  specs:
    backports (3.4.0)
    builder (3.2.2)
    chunky_png (1.2.9)
    compass (0.12.2)
      chunky_png (~> 1.2)
      fssm (>= 0.2.7)
      sass (~> 3.1)
    dotenv (0.11.1)
      dotenv-deployment (~> 0.0.2)
    dotenv-deployment (0.0.2)
    fssm (0.2.10)
    haml (4.0.5)
      tilt
    kgio (2.8.1)
    multi_json (1.8.4)
    pg (0.17.1)
    rack (1.5.2)
    rack-google-analytics (0.10.0)
    rack-protection (1.5.2)
      rack
    rack-test (0.6.2)
      rack (>= 1.0)
    raindrops (0.12.0)
    rake (10.1.1)
    redcarpet (3.0.0)
    sass (3.2.13)
    sequel (4.6.0)
    sinatra (1.4.4)
      rack (~> 1.4)
      rack-protection (~> 1.4)
      tilt (~> 1.3, >= 1.3.4)
    sinatra-contrib (1.4.2)
      backports (>= 2.0)
      multi_json
      rack-protection
      rack-test
      sinatra (~> 1.4.0)
      tilt (~> 1.3)
    sinatra-param (1.0.3)
      sinatra (~> 1.3)
    tilt (1.4.1)
    unicorn (4.8.0)
      kgio (~> 2.6)
      rack
      raindrops (~> 0.7)

PLATFORMS
  ruby

DEPENDENCIES
  builder
  compass
  dotenv
  haml
  pg
  rack-google-analytics
  rake
  redcarpet
  sequel
  sinatra
  sinatra-contrib
  sinatra-param
  unicorn
